PATH
  remote: .
  specs:
    asciidoctor-tabbed-code (0.1.0)
      asciidoctor (>= 1.5.7, < 3.x)

GEM
  remote: https://rubygems.org/
  specs:
    asciidoctor (2.0.10)
    diff-lcs (1.3)
    rake (13.0.1)
    rspec (3.9.0)
      rspec-core (~> 3.9.0)
      rspec-expectations (~> 3.9.0)
      rspec-mocks (~> 3.9.0)
    rspec-core (3.9.0)
      rspec-support (~> 3.9.0)
    rspec-expectations (3.9.0)
      diff-lcs (>= 1.2.0, < 2.0)
      rspec-support (~> 3.9.0)
    rspec-mocks (3.9.0)
      diff-lcs (>= 1.2.0, < 2.0)
      rspec-support (~> 3.9.0)
    rspec-support (3.9.0)

PLATFORMS
  ruby

DEPENDENCIES
  asciidoctor-tabbed-code!
  bundler (~> 2.0)
  rake (~> 13.0)
  rspec

BUNDLED WITH
   2.0.2
