PATH
  remote: .
  specs:
    asciidoctor-tabbed-code (0.1.0)
      asciidoctor (>= 1.5.7, < 3.x)

GEM
  remote: https://rubygems.org/
  specs:
    asciidoctor (2.0.10)
    minitest (5.13.0)
    rake (10.5.0)

PLATFORMS
  ruby

DEPENDENCIES
  asciidoctor-tabbed-code!
  bundler (~> 2.0)
  minitest (~> 5.0)
  rake (~> 10.0)

BUNDLED WITH
   2.0.2
